GEM
  remote: https://rubygems.org/
  specs:
    coderay (1.1.3)
    csv (3.2.3)
    daemons (1.4.1)
    eventmachine (1.2.7)
    method_source (1.0.0)
    multi_json (1.15.0)
    mustermann (1.1.1)
      ruby2_keywords (~> 0.0.1)
    pry (0.14.1)
      coderay (~> 1.1)
      method_source (~> 1.0)
    rack (2.2.4)
    rack-protection (2.2.1)
      rack
    ruby2_keywords (0.0.5)
    sinatra (2.2.1)
      mustermann (~> 1.0)
      rack (~> 2.2)
      rack-protection (= 2.2.1)
      tilt (~> 2.0)
    sinatra-contrib (2.2.1)
      multi_json
      mustermann (~> 1.0)
      rack-protection (= 2.2.1)
      sinatra (= 2.2.1)
      tilt (~> 2.0)
    thin (1.8.1)
      daemons (~> 1.0, >= 1.0.9)
      eventmachine (~> 1.0, >= 1.0.4)
      rack (>= 1, < 3)
    tilt (2.0.10)

PLATFORMS
  x64-mingw-ucrt

DEPENDENCIES
  csv
  pry
  sinatra
  sinatra-contrib
  thin

BUNDLED WITH
   2.3.7
